GEM
  remote: http://rubygems.org/
  specs:
    blockenspiel (0.4.5)
    bouncy-castle-java (1.5.0146.1)
    hashie (1.2.0)
    jenkins-plugin-runtime (0.2.2)
      json
      slop (~> 3.0.2)
    jruby-openssl (0.7.7)
      bouncy-castle-java (>= 1.5.0146.1)
    json (1.7.5)
    json (1.7.5-java)
    net-scp (1.0.4)
      net-ssh (>= 1.99.1)
    net-ssh (2.2.2)
    net-ssh-simple (1.5.4)
      blockenspiel (~> 0.4.3)
      hashie (>= 1.1.0)
      net-scp (~> 1.0.4)
      net-ssh (~> 2.2.1)
    novawhiz (0.0.4)
      net-ssh-simple
      openstack
    openstack (1.0.6)
      json
    slop (3.0.4)

PLATFORMS
  java

DEPENDENCIES
  jenkins-plugin-runtime (~> 0.2.0)
  jruby-openssl
  novawhiz (>= 0.0.4)
