GEM
  remote: http://rubygems.org/
  specs:
    jenkins-plugin-runtime (0.2.2)
      json
      slop (~> 3.0.2)
    json (1.7.5-java)
    novawhiz (0.0.0)
    slop (3.0.4)

PLATFORMS
  java

DEPENDENCIES
  jenkins-plugin-runtime (~> 0.2.0)
  novawhiz
